PATH
  remote: .
  specs:
    servicelog (0.1.0)
      request_store (>= 1.4.0)

GEM
  remote: https://rubygems.org/
  specs:
    ast (2.4.0)
    diff-lcs (1.3)
    jaro_winkler (1.5.4)
    parallel (1.19.1)
    parser (2.7.1.2)
      ast (~> 2.4.0)
    rack (2.2.2)
    rainbow (3.0.0)
    rake (13.0.1)
    request_store (1.5.0)
      rack (>= 1.4)
    rexml (3.2.4)
    rspec (3.9.0)
      rspec-core (~> 3.9.0)
      rspec-expectations (~> 3.9.0)
      rspec-mocks (~> 3.9.0)
    rspec-core (3.9.2)
      rspec-support (~> 3.9.3)
    rspec-expectations (3.9.1)
      diff-lcs (>= 1.2.0, < 2.0)
      rspec-support (~> 3.9.0)
    rspec-mocks (3.9.1)
      diff-lcs (>= 1.2.0, < 2.0)
      rspec-support (~> 3.9.0)
    rspec-support (3.9.3)
    rubocop (0.82.0)
      jaro_winkler (~> 1.5.1)
      parallel (~> 1.10)
      parser (>= 2.7.0.1)
      rainbow (>= 2.2.2, < 4.0)
      rexml
      ruby-progressbar (~> 1.7)
      unicode-display_width (>= 1.4.0, < 2.0)
    ruby-progressbar (1.10.1)
    unicode-display_width (1.7.0)

PLATFORMS
  ruby

DEPENDENCIES
  bundler (~> 2.0)
  rake (>= 12.3.3)
  rspec (~> 3.0)
  rubocop (~> 0.82.0)
  servicelog!

BUNDLED WITH
   2.0.2
